GEM
  remote: http://rubygems.org/
  specs:
    faraday (0.8.4)
      multipart-post (~> 1.1)
    highline (1.6.15)
    multipart-post (1.1.5)

PLATFORMS
  ruby

DEPENDENCIES
  faraday
  highline
